GIT
  remote: git://github.com/garethr/librarian-puppet.git
  revision: 0a115222d20915db36f7046d5cb50d61590b4bf9
  branch: forge-release-candidates
  specs:
    librarian-puppet (0.9.7)
      json
      puppet
      thor (~> 0.15)

GEM
  remote: https://rubygems.org/
  specs:
    facter (1.6.18)
    hiera (1.2.0)
      json_pure
    json (2.6.1)
    json_pure (1.7.7)
    puppet (3.1.1)
      facter (~> 1.6)
      hiera (~> 1.0)
    thor (0.18.1)

PLATFORMS
  ruby

DEPENDENCIES
  librarian-puppet!
