GIT
  remote: git://github.com/garethr/librarian-puppet.git
  revision: 0a115222d20915db36f7046d5cb50d61590b4bf9
  branch: forge-release-candidates
  specs:
    librarian-puppet (0.9.7)
      json
      puppet
      thor (~> 0.15)

GEM
  remote: https://rubygems.org/
  specs:
    concurrent-ruby (1.1.9)
    deep_merge (1.2.1)
    facter (2.5.7)
    fast_gettext (1.8.0)
    hiera (3.7.0)
    hocon (1.3.1)
    json (1.7.7)
    locale (2.1.3)
    multi_json (1.15.0)
    puppet (7.12.0)
      concurrent-ruby (~> 1.0)
      deep_merge (~> 1.0)
      facter (> 2.0.1, < 5)
      fast_gettext (~> 1.1)
      hiera (>= 3.2.1, < 4)
      locale (~> 2.1)
      multi_json (~> 1.10)
      puppet-resource_api (~> 1.5)
      scanf (~> 1.0)
      semantic_puppet (~> 1.0)
    puppet-resource_api (1.8.14)
      hocon (>= 1.0)
    scanf (1.0.0)
    semantic_puppet (1.0.4)
    thor (0.18.1)

PLATFORMS
  ruby

DEPENDENCIES
  librarian-puppet!
